PATH
  remote: .
  specs:
    schemer (0.0.1)
      parslet

GEM
  remote: http://rubygems.org/
  specs:
    blankslate (2.1.2.3)
    diff-lcs (1.1.2)
    parslet (1.1.1)
      blankslate (~> 2.0)
    rspec (2.5.0)
      rspec-core (~> 2.5.0)
      rspec-expectations (~> 2.5.0)
      rspec-mocks (~> 2.5.0)
    rspec-core (2.5.1)
    rspec-expectations (2.5.0)
      diff-lcs (~> 1.1.2)
    rspec-mocks (2.5.0)

PLATFORMS
  ruby

DEPENDENCIES
  rspec (~> 2.5.0)
  schemer!
