PATH
  remote: .
  specs:
    schemer (0.0.1)
      parslet (~> 1.2.0)

GEM
  remote: http://rubygems.org/
  specs:
    blankslate (2.1.2.3)
    configuration (1.2.0)
    diff-lcs (1.1.2)
    guard (0.3.0)
      open_gem (~> 1.4.2)
      thor (~> 0.14.6)
    guard-rspec (0.1.9)
      guard (>= 0.2.2)
    launchy (0.3.7)
      configuration (>= 0.0.5)
      rake (>= 0.8.1)
    open_gem (1.4.2)
      launchy (~> 0.3.5)
    parslet (1.2.0)
      blankslate (~> 2.0)
    rake (0.8.7)
    rb-fsevent (0.3.10)
    rspec (2.5.0)
      rspec-core (~> 2.5.0)
      rspec-expectations (~> 2.5.0)
      rspec-mocks (~> 2.5.0)
    rspec-core (2.5.1)
    rspec-expectations (2.5.0)
      diff-lcs (~> 1.1.2)
    rspec-mocks (2.5.0)
    thor (0.14.6)

PLATFORMS
  ruby

DEPENDENCIES
  guard
  guard-rspec
  rb-fsevent
  rspec (~> 2.5.0)
  schemer!
