PATH
  remote: .
  specs:
    schemer (0.0.1)
      parslet (~> 1.2.0)

GEM
  remote: http://rubygems.org/
  specs:
    blankslate (2.1.2.4)
    minitest (2.0.2)
    mocha (0.9.12)
    parslet (1.2.0)
      blankslate (~> 2.0)

PLATFORMS
  ruby

DEPENDENCIES
  minitest
  mocha
  schemer!
